GEM
  remote: https://rubygems.org/
  specs:
    ast (2.4.1)
    coderay (1.1.3)
    method_source (1.0.0)
    nio4r (2.5.4)
    parallel (1.20.1)
    parser (3.0.0.0)
      ast (~> 2.4.1)
    pg (1.2.3)
    pry (0.13.1)
      coderay (~> 1.1)
      method_source (~> 1.0)
    puma (5.1.1)
      nio4r (~> 2.0)
    rack (2.2.3)
    rack-cors (1.1.1)
      rack (>= 2.0.0)
    rack-unreloader (1.7.0)
    rainbow (3.0.0)
    rake (13.0.3)
    regexp_parser (2.0.2)
    rexml (3.2.4)
    roda (3.39.0)
      rack
    rubocop (1.7.0)
      parallel (~> 1.10)
      parser (>= 2.7.1.5)
      rainbow (>= 2.2.2, < 4.0)
      regexp_parser (>= 1.8, < 3.0)
      rexml
      rubocop-ast (>= 1.2.0, < 2.0)
      ruby-progressbar (~> 1.7)
      unicode-display_width (>= 1.4.0, < 2.0)
    rubocop-ast (1.3.0)
      parser (>= 2.7.1.5)
    ruby-progressbar (1.10.1)
    sequel (5.39.0)
    unicode-display_width (1.7.0)

PLATFORMS
  ruby

DEPENDENCIES
  pg
  pry
  puma
  rack-cors
  rack-unreloader
  rake
  roda
  rubocop
  sequel

RUBY VERSION
   ruby 2.7.0p0

BUNDLED WITH
   2.1.4
